GEM
  remote: https://rubygems.org/
  specs:
    dotenv (2.7.6)
    httparty (0.18.1)
      mime-types (~> 3.0)
      multi_xml (>= 0.5.2)
    json (2.3.1)
    mime-types (3.3.1)
      mime-types-data (~> 3.2015)
    mime-types-data (3.2020.0512)
    multi_xml (0.6.0)
    rack (2.2.3)
    rake (13.0.1)
    shotgun (0.9.2)
      rack (>= 1.0)

PLATFORMS
  ruby

DEPENDENCIES
  dotenv
  httparty
  json
  rake
  shotgun

RUBY VERSION
   ruby 2.7.1p83

BUNDLED WITH
   2.1.4
